GEM
  remote: https://rubygems.org/
  specs:
    bourbon (3.1.8)
      sass (>= 3.2.0)
      thor
    rack (1.5.2)
    sass (3.2.14)
    shotgun (0.9)
      rack (>= 1.0)
    thor (0.18.1)

PLATFORMS
  ruby

DEPENDENCIES
  bourbon
  rack
  sass
  shotgun
